GEM
  remote: http://rubygems.org/
  specs:
    addressable (2.2.7)
    ap (0.1.1)
      httparty (>= 0.7.7)
    daemons (1.1.8)
    faraday (0.7.6)
      addressable (~> 2.2)
      multipart-post (~> 1.1)
      rack (~> 1.1)
    faraday_middleware (0.7.0)
      faraday (~> 0.7.3)
    hashie (1.1.0)
    httparty (0.8.1)
      multi_json
      multi_xml
    multi_json (1.0.4)
    multi_xml (0.4.2)
    multipart-post (1.1.5)
    rack (1.4.1)
    simple_oauth (0.1.5)
    sqlite3 (1.3.5)
    twitter (1.7.2)
      faraday (~> 0.7.4)
      faraday_middleware (~> 0.7.0)
      hashie (~> 1.1.0)
      multi_json (~> 1.0.0)
      multi_xml (~> 0.4.0)
      simple_oauth (~> 0.1.5)

PLATFORMS
  ruby

DEPENDENCIES
  ap
  daemons
  sqlite3
  twitter (~> 1.7.2)
